PATH
  remote: .
  specs:
    nguyen (1.0.1)
      nokogiri (~> 1.5.6)

GEM
  remote: https://rubygems.org/
  specs:
    nokogiri (1.5.10)
    rake (10.1.0)

PLATFORMS
  ruby

DEPENDENCIES
  nguyen!
  rake
