PATH
  remote: .
  specs:
    nguyen (1.0.3)
      nokogiri (~> 1.10)

GEM
  remote: https://rubygems.org/
  specs:
    mini_portile2 (2.5.1)
    minitest (5.5.1)
    nokogiri (1.11.4)
      mini_portile2 (~> 2.5.0)
      racc (~> 1.4)
    racc (1.5.2)
    rake (13.0.1)

PLATFORMS
  ruby

DEPENDENCIES
  minitest
  nguyen!
  rake
